GIT
  remote: https://github.com/gooddata/gooddata_connectors_base.git
  revision: 978f98386f04891b803778c178de5227a725f145
  branch: s3
  specs:
    gooddata_connectors_base (0.0.1)
      aws-sdk
      erubis
      gooddata

GIT
  remote: https://github.com/gooddata/gooddata_connectors_downloader_salesforce
  revision: 2f2c8d10093fcd8cacfd3b0d6f28189a5d65ab3a
  branch: gse
  specs:
    gooddata_connectors_downloader_salesforce (0.0.1)
      gooddata
      restforce
      salesforce_bulk_query

PATH
  remote: vendor/cache/gooddata_connectors_metadata
  specs:
    gooddata_connectors_metadata (0.0.1)
      aws-sdk
      gooddata (~> 0.6, >= 0.6.12)
      hashie (~> 3.3, >= 3.3.2)

GEM
  remote: https://rubygems.org/
  specs:
    activesupport (4.2.0)
      i18n (~> 0.7)
      json (~> 1.7, >= 1.7.7)
      minitest (~> 5.1)
      thread_safe (~> 0.3, >= 0.3.4)
      tzinfo (~> 1.1)
    aws-sdk (1.61.0)
      aws-sdk-v1 (= 1.61.0)
    aws-sdk-v1 (1.61.0)
      json (~> 1.4)
      nokogiri (>= 1.4.4)
    coderay (1.1.0)
    docile (1.1.5)
    erubis (2.7.0)
    faraday (0.9.1)
      multipart-post (>= 1.2, < 3)
    faraday_middleware (0.9.1)
      faraday (>= 0.7.4, < 0.10)
    ffi (1.9.6-java)
    gli (2.12.2)
    gooddata (0.6.13)
      activesupport (~> 4.1, >= 4.1.0)
      aws-sdk (~> 1.45)
      bundler (~> 1.7, >= 1.7.3)
      docile (~> 1.1, >= 1.1.5)
      erubis (~> 2.7, >= 2.7.0)
      gli (~> 2.12, >= 2.12.2)
      highline (~> 1.6, >= 1.6.21)
      i18n (~> 0.6, >= 0.6.9)
      json_pure (~> 1.8, >= 1.8.1)
      multi_json (~> 1.10, >= 1.10.0)
      parseconfig (~> 1.0, >= 1.0.4)
      pmap (~> 1.0, >= 1.0.1)
      pry (~> 0.9.12.6)
      rest-client (~> 1.7, >= 1.7.2)
      restforce (~> 1.5, >= 1.5.0)
      rubyzip (~> 1.1, >= 1.1.0)
      salesforce_bulk_query (~> 0.0)
      terminal-table (~> 1.4, >= 1.4.5)
    hashie (3.4.0)
    highline (1.6.21)
    i18n (0.7.0)
    json (1.8.2)
    json (1.8.2-java)
    json_pure (1.8.2)
    method_source (0.8.2)
    mime-types (2.4.3)
    mini_portile (0.6.2)
    minitest (5.5.1)
    multi_json (1.10.1)
    multipart-post (2.0.0)
    netrc (0.10.2)
    nokogiri (1.6.6.2)
      mini_portile (~> 0.6.0)
    nokogiri (1.6.6.2-java)
    parseconfig (1.0.6)
    pmap (1.0.2)
    pry (0.9.12.6)
      coderay (~> 1.0)
      method_source (~> 0.8)
      slop (~> 3.4)
    pry (0.9.12.6-java)
      coderay (~> 1.0)
      method_source (~> 0.8)
      slop (~> 3.4)
      spoon (~> 0.0)
    rest-client (1.7.2)
      mime-types (>= 1.16, < 3.0)
      netrc (~> 0.7)
    restforce (1.5.1)
      faraday (~> 0.9.0)
      faraday_middleware (>= 0.8.8)
      hashie (>= 1.2.0, < 4.0)
      json (>= 1.7.5, < 1.9.0)
    rubyzip (1.1.7)
    salesforce_bulk_query (0.2.0)
      json (~> 1.8)
      xml-simple (~> 1.1)
    slop (3.6.0)
    spoon (0.0.4)
      ffi
    terminal-table (1.4.5)
    thread_safe (0.3.4)
    thread_safe (0.3.4-java)
    tzinfo (1.2.2)
      thread_safe (~> 0.1)
    xml-simple (1.1.4)

PLATFORMS
  java
  ruby

DEPENDENCIES
  gooddata
  gooddata_connectors_base!
  gooddata_connectors_downloader_salesforce!
  gooddata_connectors_metadata!
